GEM
  remote: http://rubygems.org/
  specs:
    execjs (1.4.0)
      multi_json (~> 1.0)
    jshintrb (0.2.1)
      execjs
      multi_json (>= 1.3)
      rake
    multi_json (1.3.6)
    puma (1.6.3)
      rack (~> 1.2)
    rack (1.4.1)
    rack-contrib (1.1.0)
      rack (>= 0.9.1)
    rake (0.9.2.2)

PLATFORMS
  x86-mingw32

DEPENDENCIES
  jshintrb
  puma
  rack-contrib
  rake
